GIT
  remote: https://github.com/thejspr/yarn
  revision: c42bc14c9d659768548b1245a82a49d3815126b6
  specs:
    yarn (0.1.0)
      parslet (>= 1.2)
      rack (>= 1.3)
      trollop (>= 1.16)

GEM
  remote: http://rubygems.org/
  specs:
    blankslate (2.1.2.4)
    daemons (1.1.4)
    eventmachine (0.12.10)
    kgio (2.6.0)
    parslet (1.2.3)
      blankslate (~> 2.0)
    rack (3.2.1)
    raindrops (0.7.0)
    thin (1.2.11)
      daemons (>= 1.0.9)
      eventmachine (>= 0.12.6)
      rack (>= 1.0.0)
    trollop (1.16.2)
    unicorn (4.1.1)
      kgio (~> 2.4)
      rack
      raindrops (~> 0.6)

PLATFORMS
  ruby

DEPENDENCIES
  thin
  unicorn
  yarn!
